GEM
  remote: https://rubygems.org/
  specs:
    mustermann (2.0.2)
      ruby2_keywords (~> 0.0.1)
    rack (2.2.8)
    rack-protection (2.2.4)
      rack
    ruby2_keywords (0.0.5)
    sinatra (2.2.4)
      mustermann (~> 2.0)
      rack (~> 2.2)
      rack-protection (= 2.2.4)
      tilt (~> 2.0)
    tilt (2.3.0)
    webrick (1.8.1)

PLATFORMS
  x86_64-linux

DEPENDENCIES
  sinatra (~> 2.2.0)
  webrick (~> 1.8)

RUBY VERSION
   ruby 3.2.2p53

BUNDLED WITH
   2.4.10
